GEM
  remote: https://rubygems.org/
  specs:
    actionmailer (4.2.1)
      actionpack (= 4.2.1)
      actionview (= 4.2.1)
      activejob (= 4.2.1)
      mail (~> 2.5, >= 2.5.4)
      rails-dom-testing (~> 1.0, >= 1.0.5)
    actionpack (4.2.1)
      actionview (= 4.2.1)
      activesupport (= 4.2.1)
      rack (~> 1.6)
      rack-test (~> 0.6.2)
      rails-dom-testing (~> 1.0, >= 1.0.5)
      rails-html-sanitizer (~> 1.0, >= 1.0.1)
    actionview (4.2.1)
      activesupport (= 4.2.1)
      builder (~> 3.1)
      erubis (~> 2.7.0)
      rails-dom-testing (~> 1.0, >= 1.0.5)
      rails-html-sanitizer (~> 1.0, >= 1.0.1)
    activejob (4.2.1)
      activesupport (= 4.2.1)
      globalid (>= 0.3.0)
    activemodel (4.2.1)
      activesupport (= 4.2.1)
      builder (~> 3.1)
    activerecord (4.2.1)
      activemodel (= 4.2.1)
      activesupport (= 4.2.1)
      arel (~> 6.0)
    activesupport (4.2.1)
      i18n (~> 0.7)
      json (~> 1.7, >= 1.7.7)
      minitest (~> 5.1)
      thread_safe (~> 0.3, >= 0.3.4)
      tzinfo (~> 1.1)
    addressable (2.3.8)
    arel (6.0.0)
    attr_required (1.0.0)
    bcrypt (3.1.10)
    bindata (2.1.0)
    binding_of_caller (0.7.2)
      debug_inspector (>= 0.0.1)
    builder (3.2.2)
    byebug (4.0.5)
      columnize (= 0.9.0)
    coffee-rails (4.1.0)
      coffee-script (>= 2.2.0)
      railties (>= 4.0.0, < 5.0)
    coffee-script (2.4.1)
      coffee-script-source
      execjs
    coffee-script-source (1.9.1.1)
    columnize (0.9.0)
    curb (0.8.8)
    debug_inspector (0.0.2)
    erubis (2.7.0)
    execjs (2.5.2)
    faraday (0.9.1)
      multipart-post (>= 1.2, < 3)
    globalid (0.3.5)
      activesupport (>= 4.1.0)
    highline (1.7.2)
    httpclient (2.6.0.1)
    i18n (0.7.0)
    io-console (0.4.2)
    jbuilder (2.2.13)
      activesupport (>= 3.0.0, < 5)
      multi_json (~> 1.2)
    jquery-rails (4.0.3)
      rails-dom-testing (~> 1.0)
      railties (>= 4.2.0)
      thor (>= 0.14, < 2.0)
    json (1.8.2)
    json-jwt (0.8.1)
      activesupport
      bindata
      multi_json (>= 1.3)
      securecompare
      url_safe_base64
    libv8 (3.16.14.7)
    loofah (2.0.2)
      nokogiri (>= 1.5.9)
    mail (2.6.3)
      mime-types (>= 1.16, < 3)
    mime-types (2.5)
    mini_portile (0.6.2)
    minitest (5.6.1)
    multi_json (1.7.8)
    multipart-post (2.0.0)
    nokogiri (1.6.6.2)
      mini_portile (~> 0.6.0)
    openid_connect (0.8.3)
      activemodel
      attr_required (>= 0.0.5)
      json (>= 1.4.3)
      json-jwt (>= 0.5.5)
      rack-oauth2 (>= 1.0.0)
      swd (>= 0.1.2)
      tzinfo
      validate_email
      validate_url
      webfinger (>= 0.0.2)
    rack (1.6.1)
    rack-oauth2 (1.1.1)
      activesupport (>= 2.3)
      attr_required (>= 0.0.5)
      httpclient (>= 2.4)
      multi_json (>= 1.3.6)
      rack (>= 1.1)
    rack-test (0.6.3)
      rack (>= 1.0)
    rails (4.2.1)
      actionmailer (= 4.2.1)
      actionpack (= 4.2.1)
      actionview (= 4.2.1)
      activejob (= 4.2.1)
      activemodel (= 4.2.1)
      activerecord (= 4.2.1)
      activesupport (= 4.2.1)
      bundler (>= 1.3.0, < 2.0)
      railties (= 4.2.1)
      sprockets-rails
    rails-deprecated_sanitizer (1.0.3)
      activesupport (>= 4.2.0.alpha)
    rails-dom-testing (1.0.6)
      activesupport (>= 4.2.0.beta, < 5.0)
      nokogiri (~> 1.6.0)
      rails-deprecated_sanitizer (>= 1.0.1)
    rails-html-sanitizer (1.0.2)
      loofah (~> 2.0)
    railties (4.2.1)
      actionpack (= 4.2.1)
      activesupport (= 4.2.1)
      rake (>= 0.8.7)
      thor (>= 0.18.1, < 2.0)
    rake (10.4.2)
    rdoc (4.2.0)
      json (~> 1.4)
    ref (1.0.5)
    sass (3.4.13)
    sass-rails (5.0.3)
      railties (>= 4.0.0, < 5.0)
      sass (~> 3.1)
      sprockets (>= 2.8, < 4.0)
      sprockets-rails (>= 2.0, < 4.0)
      tilt (~> 1.1)
    sdoc (0.4.1)
      json (~> 1.7, >= 1.7.7)
      rdoc (~> 4.0)
    securecompare (1.0.0)
    spark_api (1.3.24)
      builder (>= 2.1.2, < 4.0.0)
      faraday (~> 0.9.0)
      highline (>= 1.0)
      json (~> 1.7)
      multi_json (~> 1.0)
      will_paginate (>= 3.0.pre2, < 4.0.0)
    spring (1.3.6)
    sprockets (3.1.0)
      rack (~> 1.0)
    sprockets-rails (2.3.0)
      actionpack (>= 3.0)
      activesupport (>= 3.0)
      sprockets (>= 2.8, < 4.0)
    sqlite3 (1.3.10)
    swd (1.0.0)
      activesupport (>= 3)
      attr_required (>= 0.0.5)
      httpclient (>= 2.4)
      i18n
      json (>= 1.4.3)
    therubyracer (0.12.2)
      libv8 (~> 3.16.14.0)
      ref
    thor (0.19.1)
    thread_safe (0.3.5)
    tilt (1.4.1)
    turbolinks (2.5.3)
      coffee-rails
    tzinfo (1.2.2)
      thread_safe (~> 0.1)
    uglifier (2.7.1)
      execjs (>= 0.3.0)
      json (>= 1.8.0)
    url_safe_base64 (0.2.2)
    validate_email (0.1.6)
      activemodel (>= 3.0)
      mail (>= 2.2.5)
    validate_url (1.0.0)
      activemodel (>= 3.0.0)
      addressable
    web-console (2.1.2)
      activemodel (>= 4.0)
      binding_of_caller (>= 0.7.2)
      railties (>= 4.0)
      sprockets-rails (>= 2.0, < 4.0)
    webfinger (1.0.1)
      activesupport
      httpclient (>= 2.4)
      multi_json
    will_paginate (3.0.7)

PLATFORMS
  ruby

DEPENDENCIES
  bcrypt (~> 3.1.7)
  byebug
  coffee-rails (~> 4.1.0)
  curb
  io-console
  jbuilder (~> 2.0)
  jquery-rails
  multi_json (= 1.7.8)
  openid_connect
  rails (= 4.2.1)
  sass-rails (~> 5.0)
  sdoc (~> 0.4.0)
  spark_api
  spring
  sqlite3
  therubyracer
  turbolinks
  uglifier (>= 1.3.0)
  web-console (~> 2.0)
